GEM
  remote: https://rubygems.org/
  specs:
    airbrussh (1.4.1)
      sshkit (>= 1.6.1, != 1.7.0)
    ast (2.4.2)
    bcrypt_pbkdf (1.1.0)
    capistrano (3.17.1)
      airbrussh (>= 1.0.0)
      i18n
      rake (>= 10.0.0)
      sshkit (>= 1.9.0)
    capistrano-bundler (2.1.0)
      capistrano (~> 3.1)
    concurrent-ruby (1.1.10)
    ed25519 (1.3.0)
    evt (0.4.0)
    i18n (1.12.0)
      concurrent-ruby (~> 1.0)
    json (2.6.2)
    memory_profiler (1.0.0)
    net-scp (4.0.0.rc1)
      net-ssh (>= 2.6.5, < 8.0.0)
    net-ssh (7.0.1)
    parallel (1.22.1)
    parser (3.1.2.1)
      ast (~> 2.4.1)
    rainbow (3.1.1)
    rake (13.0.6)
    regexp_parser (2.5.0)
    rexml (3.2.5)
    rubocop (1.35.0)
      json (~> 2.3)
      parallel (~> 1.10)
      parser (>= 3.1.2.1)
      rainbow (>= 2.2.2, < 4.0)
      regexp_parser (>= 1.8, < 3.0)
      rexml (>= 3.2.5, < 4.0)
      rubocop-ast (>= 1.20.1, < 2.0)
      ruby-progressbar (~> 1.7)
      unicode-display_width (>= 1.4.0, < 3.0)
    rubocop-ast (1.21.0)
      parser (>= 3.1.1.0)
    ruby-progressbar (1.11.0)
    sshkit (1.21.2)
      net-scp (>= 1.1.2)
      net-ssh (>= 2.8.0)
    unicode-display_width (2.2.0)
    xorcist (1.1.3)

PLATFORMS
  arm64-darwin-20
  arm64-darwin-21
  armv7l-linux-eabihf
  x86_64-linux

DEPENDENCIES
  bcrypt_pbkdf (>= 1.0, < 2.0)
  capistrano
  capistrano-bundler (~> 2.0)
  ed25519 (>= 1.2, < 2.0)
  evt (~> 0.4.0)
  memory_profiler (~> 1.0)
  rubocop
  xorcist (~> 1.1)

BUNDLED WITH
   2.3.7
